GEM
  remote: https://rubygems.org/
  specs:
    rainbow (2.0.0)
    sass (3.4.21)
    scss_lint (0.42.2)
      rainbow (~> 2.0)
      sass (~> 3.4.15)

PLATFORMS
  ruby
  x64-mingw32
  x86-mingw32

DEPENDENCIES
  scss_lint (= 0.42.2)
